GEM
  remote: https://rubygems.org/
  specs:
    coderay (1.1.1)
    foundation (1.0.4)
      thor (>= 0.18.1)
    method_source (0.8.2)
    pry (0.10.4)
      coderay (~> 1.1.0)
      method_source (~> 0.8.1)
      slop (~> 3.4)
    rack (1.6.5)
    rack-protection (1.5.3)
      rack
    sass (3.4.22)
    sinatra (1.4.7)
      rack (~> 1.5)
      rack-protection (~> 1.4)
      tilt (>= 1.3, < 3)
    slop (3.6.0)
    thor (0.19.4)
    tilt (2.0.5)

PLATFORMS
  ruby

DEPENDENCIES
  foundation
  pry
  sass (~> 3.4.0)
  sinatra

BUNDLED WITH
   1.13.6
